GEM
  remote: http://rubygems.org/
  specs:
    RedCloth (4.2.9)
    ZenTest (4.9.5)
    actionmailer (4.0.9)
      actionpack (= 4.0.9)
      mail (~> 2.5.4)
    actionpack (4.0.9)
      activesupport (= 4.0.9)
      builder (~> 3.1.0)
      erubis (~> 2.7.0)
      rack (~> 1.5.2)
      rack-test (~> 0.6.2)
    activemodel (4.0.9)
      activesupport (= 4.0.9)
      builder (~> 3.1.0)
    activerecord (4.0.9)
      activemodel (= 4.0.9)
      activerecord-deprecated_finders (~> 1.0.2)
      activesupport (= 4.0.9)
      arel (~> 4.0.0)
    activerecord-deprecated_finders (1.0.3)
    activesupport (4.0.9)
      i18n (~> 0.6, >= 0.6.9)
      minitest (~> 4.2)
      multi_json (~> 1.3)
      thread_safe (~> 0.1)
      tzinfo (~> 0.3.37)
    arel (4.0.2)
    autotest (4.4.6)
      ZenTest (>= 4.4.1)
    better_errors (0.9.0)
      coderay (>= 1.0.0)
      erubis (>= 2.6.6)
    bluecloth (2.2.0)
    bootstrap-sass (2.3.2.0)
      sass (~> 3.2)
    builder (3.1.4)
    bullet (4.6.0)
      uniform_notifier
    cancan (1.6.10)
    climate_control (0.0.3)
      activesupport (>= 3.0)
    cocaine (0.5.4)
      climate_control (>= 0.0.3, < 1.0)
    coderay (1.1.0)
    coffee-rails (4.0.1)
      coffee-script (>= 2.2.0)
      railties (>= 4.0.0, < 5.0)
    coffee-script (2.3.0)
      coffee-script-source
      execjs
    coffee-script-source (1.7.1)
    daemons (1.1.9)
    diff-lcs (1.2.5)
    erubis (2.7.0)
    eventmachine (1.0.3)
    execjs (2.2.1)
    factory_girl (4.2.0)
      activesupport (>= 3.0.0)
    factory_girl_rails (4.2.1)
      factory_girl (~> 4.2.0)
      railties (>= 3.0.0)
    gravtastic (3.2.6)
    hike (1.2.3)
    i18n (0.6.11)
    jquery-rails (2.2.1)
      railties (>= 3.0, < 5.0)
      thor (>= 0.14, < 2.0)
    jquery-ui-rails (4.0.3)
      jquery-rails
      railties (>= 3.1.0)
    json (1.7.7)
    libv8 (3.11.8.17)
    mail (2.5.4)
      mime-types (~> 1.16)
      treetop (~> 1.4.8)
    mime-types (1.25.1)
    minitest (4.7.5)
    multi_json (1.7.9)
    paperclip (3.4.2)
      activemodel (>= 3.0.0)
      activerecord (>= 3.0.0)
      activesupport (>= 3.0.0)
      cocaine (~> 0.5.0)
      mime-types
    pg (0.17.1)
    polyglot (0.3.5)
    protected_attributes (1.0.8)
      activemodel (>= 4.0.1, < 5.0)
    quiet_assets (1.0.3)
      railties (>= 3.1, < 5.0)
    rack (1.5.2)
    rack-test (0.6.2)
      rack (>= 1.0)
    rails (4.0.9)
      actionmailer (= 4.0.9)
      actionpack (= 4.0.9)
      activerecord (= 4.0.9)
      activesupport (= 4.0.9)
      bundler (>= 1.3.0, < 2.0)
      railties (= 4.0.9)
      sprockets-rails (~> 2.0)
    railties (4.0.9)
      actionpack (= 4.0.9)
      activesupport (= 4.0.9)
      rake (>= 0.8.7)
      thor (>= 0.18.1, < 2.0)
    rake (10.3.2)
    ref (1.0.5)
    rmagick (2.13.3)
    rspec-core (2.13.1)
    rspec-expectations (2.13.0)
      diff-lcs (>= 1.1.3, < 2.0)
    rspec-mocks (2.13.1)
    rspec-rails (2.13.2)
      actionpack (>= 3.0)
      activesupport (>= 3.0)
      railties (>= 3.0)
      rspec-core (~> 2.13.0)
      rspec-expectations (~> 2.13.0)
      rspec-mocks (~> 2.13.0)
    sass (3.2.19)
    sass-rails (4.0.3)
      railties (>= 4.0.0, < 5.0)
      sass (~> 3.2.0)
      sprockets (~> 2.8, <= 2.11.0)
      sprockets-rails (~> 2.0)
    simplecov (0.7.1)
      multi_json (~> 1.0)
      simplecov-html (~> 0.7.1)
    simplecov-html (0.7.1)
    sprockets (2.11.0)
      hike (~> 1.2)
      multi_json (~> 1.0)
      rack (~> 1.0)
      tilt (~> 1.1, != 1.3.0)
    sprockets-rails (2.1.3)
      actionpack (>= 3.0)
      activesupport (>= 3.0)
      sprockets (~> 2.8)
    sqlite3 (1.3.9)
    therubyracer (0.11.4)
      libv8 (~> 3.11.8.12)
      ref
    thin (1.5.1)
      daemons (>= 1.0.9)
      eventmachine (>= 0.12.6)
      rack (>= 1.0.0)
    thor (0.19.1)
    thread_safe (0.3.4)
    tilt (1.4.1)
    treetop (1.4.15)
      polyglot
      polyglot (>= 0.3.1)
    tzinfo (0.3.41)
    uglifier (1.2.7)
      execjs (>= 0.3.0)
      multi_json (~> 1.3)
    uniform_notifier (1.6.2)
    uuidtools (2.1.5)
    will_paginate (3.0.7)

PLATFORMS
  ruby

DEPENDENCIES
  RedCloth (~> 4.2.9)
  ZenTest (~> 4.9.1)
  autotest (~> 4.4.6)
  better_errors (~> 0.9.0)
  bluecloth (~> 2.2.0)
  bootstrap-sass (= 2.3.2.0)
  bullet (~> 4.6.0)
  cancan (~> 1.6.10)
  coffee-rails (~> 4.0.0)
  factory_girl_rails (~> 4.2.1)
  gravtastic (~> 3.2.6)
  jquery-rails (= 2.2.1)
  jquery-ui-rails (= 4.0.3)
  json (~> 1.7.7)
  multi_json (~> 1.7.3)
  paperclip (~> 3.4.2)
  pg (~> 0.17.1)
  protected_attributes (~> 1.0.5)
  quiet_assets (~> 1.0.2)
  rails (~> 4.0.3)
  rmagick (~> 2.13.2)
  rspec-rails (~> 2.13.1)
  sass-rails (~> 4.0.0)
  simplecov (~> 0.7.1)
  sqlite3 (~> 1.3.7)
  therubyracer (~> 0.11.4)
  thin (~> 1.5.1)
  uglifier (= 1.2.7)
  uuidtools (~> 2.1.4)
  will_paginate (~> 3.0.4)
